PATH
  remote: .
  specs:
    customer_miner (0.0.1)
      httparty (~> 0.15.5)
      thor (~> 0.19.4)

GEM
  remote: https://rubygems.org/
  specs:
    httparty (0.15.5)
      multi_xml (>= 0.5.2)
    multi_xml (0.6.0)
    thor (0.19.4)

PLATFORMS
  ruby

DEPENDENCIES
  customer_miner!

BUNDLED WITH
   1.13.7
